PATH
  remote: .
  specs:
    remotus (0.6.0)
      connection_pool (~> 2.2)
      net-scp (~> 3.0)
      net-ssh (~> 6.1)
      net-ssh-gateway (~> 2.0)
      winrm (~> 2.3)
      winrm-elevated (~> 1.2)
      winrm-fs (~> 1.3)

GEM
  remote: https://rubygems.org/
  specs:
    ast (2.4.2)
    builder (3.2.4)
    connection_pool (2.3.0)
    diff-lcs (1.5.0)
    erubi (1.11.0)
    ffi (1.15.5)
    gssapi (1.3.1)
      ffi (>= 1.0.1)
    gyoku (1.4.0)
      builder (>= 2.1.2)
      rexml (~> 3.0)
    httpclient (2.8.3)
    json (2.6.2)
    little-plugger (1.1.4)
    logging (2.3.1)
      little-plugger (~> 1.1)
      multi_json (~> 1.14)
    multi_json (1.15.0)
    net-scp (3.0.0)
      net-ssh (>= 2.6.5, < 7.0.0)
    net-ssh (6.1.0)
    net-ssh-gateway (2.0.0)
      net-ssh (>= 4.0.0)
    nori (2.6.0)
    parallel (1.22.1)
    parser (3.1.2.1)
      ast (~> 2.4.1)
    rainbow (3.1.1)
    rake (13.0.6)
    regexp_parser (2.5.0)
    rexml (3.2.5)
    rspec (3.11.0)
      rspec-core (~> 3.11.0)
      rspec-expectations (~> 3.11.0)
      rspec-mocks (~> 3.11.0)
    rspec-core (3.11.0)
      rspec-support (~> 3.11.0)
    rspec-expectations (3.11.1)
      diff-lcs (>= 1.2.0, < 2.0)
      rspec-support (~> 3.11.0)
    rspec-mocks (3.11.1)
      diff-lcs (>= 1.2.0, < 2.0)
      rspec-support (~> 3.11.0)
    rspec-support (3.11.1)
    rubocop (1.36.0)
      json (~> 2.3)
      parallel (~> 1.10)
      parser (>= 3.1.2.1)
      rainbow (>= 2.2.2, < 4.0)
      regexp_parser (>= 1.8, < 3.0)
      rexml (>= 3.2.5, < 4.0)
      rubocop-ast (>= 1.20.1, < 2.0)
      ruby-progressbar (~> 1.7)
      unicode-display_width (>= 1.4.0, < 3.0)
    rubocop-ast (1.21.0)
      parser (>= 3.1.1.0)
    rubocop-rake (0.6.0)
      rubocop (~> 1.0)
    rubocop-rspec (2.13.1)
      rubocop (~> 1.33)
    ruby-progressbar (1.11.0)
    rubyntlm (0.6.3)
    rubyzip (2.3.2)
    unicode-display_width (2.3.0)
    webrick (1.7.0)
    winrm (2.3.6)
      builder (>= 2.1.2)
      erubi (~> 1.8)
      gssapi (~> 1.2)
      gyoku (~> 1.0)
      httpclient (~> 2.2, >= 2.2.0.2)
      logging (>= 1.6.1, < 3.0)
      nori (~> 2.0)
      rubyntlm (~> 0.6.0, >= 0.6.3)
    winrm-elevated (1.2.3)
      erubi (~> 1.8)
      winrm (~> 2.0)
      winrm-fs (~> 1.0)
    winrm-fs (1.3.5)
      erubi (~> 1.8)
      logging (>= 1.6.1, < 3.0)
      rubyzip (~> 2.0)
      winrm (~> 2.0)
    yard (0.9.28)
      webrick (~> 1.7.0)

PLATFORMS
  ruby
  x86_64-linux

DEPENDENCIES
  rake (~> 13.0)
  remotus!
  rspec (~> 3.0)
  rubocop (~> 1.7)
  rubocop-rake (~> 0.5)
  rubocop-rspec (~> 2.2)
  yard (~> 0.9)

BUNDLED WITH
   2.2.33
